GEM
  remote: https://rubygems.org/
  specs:
    actioncable (5.1.6)
      actionpack (= 5.1.6)
      nio4r (~> 2.0)
      websocket-driver (~> 0.6.1)
    actionmailer (5.1.6)
      actionpack (= 5.1.6)
      actionview (= 5.1.6)
      activejob (= 5.1.6)
      mail (~> 2.5, >= 2.5.4)
      rails-dom-testing (~> 2.0)
    actionpack (5.1.6)
      actionview (= 5.1.6)
      activesupport (= 5.1.6)
      rack (~> 2.0)
      rack-test (>= 0.6.3)
      rails-dom-testing (~> 2.0)
      rails-html-sanitizer (~> 1.0, >= 1.0.2)
    actionview (5.1.6)
      activesupport (= 5.1.6)
      builder (~> 3.1)
      erubi (~> 1.4)
      rails-dom-testing (~> 2.0)
      rails-html-sanitizer (~> 1.0, >= 1.0.3)
    active_link_to (1.0.5)
      actionpack
      addressable
    activejob (5.1.6)
      activesupport (= 5.1.6)
      globalid (>= 0.3.6)
    activemodel (5.1.6)
      activesupport (= 5.1.6)
    activemodel-serializers-xml (1.0.2)
      activemodel (> 5.x)
      activesupport (> 5.x)
      builder (~> 3.1)
    activerecord (5.1.6)
      activemodel (= 5.1.6)
      activesupport (= 5.1.6)
      arel (~> 8.0)
    activesupport (5.1.6)
      concurrent-ruby (~> 1.0, >= 1.0.2)
      i18n (>= 0.7, < 2)
      minitest (~> 5.1)
      tzinfo (~> 1.1)
    addressable (2.5.2)
      public_suffix (>= 2.0.2, < 4.0)
    arel (8.0.0)
    ast (2.4.0)
    autoprefixer-rails (8.6.5)
      execjs
    bcrypt (3.1.12)
    bindex (0.5.0)
    bootstrap (4.1.1)
      autoprefixer-rails (>= 6.0.3)
      popper_js (>= 1.12.9, < 2)
      sass (>= 3.5.2)
    brakeman (4.3.1)
    builder (3.2.3)
    bullet (5.7.5)
      activesupport (>= 3.0.0)
      uniform_notifier (~> 1.11.0)
    bundler-audit (0.6.0)
      bundler (~> 1.2)
      thor (~> 0.18)
    byebug (10.0.2)
    capybara (3.3.1)
      addressable
      mini_mime (>= 0.1.3)
      nokogiri (~> 1.8)
      rack (>= 1.6.0)
      rack-test (>= 0.6.3)
      xpath (~> 3.1)
    childprocess (0.9.0)
      ffi (~> 1.0, >= 1.0.11)
    choice (0.2.0)
    chronic (0.10.2)
    cliver (0.3.2)
    codeclimate-test-reporter (1.0.8)
      simplecov (<= 0.13)
    coderay (1.1.2)
    coffee-rails (4.2.2)
      coffee-script (>= 2.2.0)
      railties (>= 4.0.0)
    coffee-script (2.4.1)
      coffee-script-source
      execjs
    coffee-script-source (1.12.2)
    coffeelint (1.16.1)
      coffee-script
      execjs
      json
    concurrent-ruby (1.0.5)
    connection_pool (2.2.2)
    crack (0.4.3)
      safe_yaml (~> 1.0.0)
    crass (1.0.4)
    database_cleaner (1.7.0)
    decent_decoration (0.1.0)
      decent_exposure (~> 3.0)
    decent_exposure (3.0.2)
      activesupport (>= 4.0)
    devise (4.4.3)
      bcrypt (~> 3.0)
      orm_adapter (~> 0.1)
      railties (>= 4.1.0, < 6.0)
      responders
      warden (~> 1.2.3)
    diff-lcs (1.3)
    docile (1.1.5)
    dotenv (2.2.2)
    dotenv-rails (2.2.2)
      dotenv (= 2.2.2)
      railties (>= 3.2, < 6.0)
    draper (3.0.1)
      actionpack (~> 5.0)
      activemodel (~> 5.0)
      activemodel-serializers-xml (~> 1.0)
      activesupport (~> 5.0)
      request_store (~> 1.0)
    email_spec (2.2.0)
      htmlentities (~> 4.3.3)
      launchy (~> 2.1)
      mail (~> 2.7)
    erubi (1.7.1)
    execjs (2.7.0)
    factory_bot (4.10.0)
      activesupport (>= 3.0.0)
    factory_bot_rails (4.10.0)
      factory_bot (~> 4.10.0)
      railties (>= 3.0.0)
    faker (1.9.1)
      i18n (>= 0.7)
    ffi (1.9.25)
    foreman (0.85.0)
      thor (~> 0.19.1)
    formulaic (0.4.0)
      activesupport
      capybara
      i18n
    globalid (0.4.1)
      activesupport (>= 4.2.0)
    hashdiff (0.3.7)
    htmlentities (4.3.4)
    i18n (1.0.1)
      concurrent-ruby (~> 1.0)
    interactor (3.1.1)
    jaro_winkler (1.5.1)
    jquery-rails (4.3.3)
      rails-dom-testing (>= 1, < 3)
      railties (>= 4.2.0)
      thor (>= 0.14, < 2.0)
    json (2.1.0)
    kaminari (1.1.1)
      activesupport (>= 4.1.0)
      kaminari-actionview (= 1.1.1)
      kaminari-activerecord (= 1.1.1)
      kaminari-core (= 1.1.1)
    kaminari-actionview (1.1.1)
      actionview
      kaminari-core (= 1.1.1)
    kaminari-activerecord (1.1.1)
      activerecord
      kaminari-core (= 1.1.1)
    kaminari-core (1.1.1)
    launchy (2.4.3)
      addressable (~> 2.3)
    letter_opener (1.6.0)
      launchy (~> 2.2)
    listen (3.1.5)
      rb-fsevent (~> 0.9, >= 0.9.4)
      rb-inotify (~> 0.9, >= 0.9.7)
      ruby_dep (~> 1.2)
    loofah (2.2.2)
      crass (~> 1.0.2)
      nokogiri (>= 1.5.9)
    mail (2.7.0)
      mini_mime (>= 0.1.1)
    method_source (0.9.0)
    mini_mime (1.0.0)
    mini_portile2 (2.3.0)
    minitest (5.11.3)
    multi_json (1.13.1)
    nio4r (2.3.1)
    nokogiri (1.8.4)
      mini_portile2 (~> 2.3.0)
    orm_adapter (0.5.0)
    parallel (1.12.1)
    parser (2.5.1.2)
      ast (~> 2.4.0)
    pg (1.0.0)
    poltergeist (1.18.1)
      capybara (>= 2.1, < 4)
      cliver (~> 0.3.1)
      websocket-driver (>= 0.2.0)
    popper_js (1.12.9)
    powerpack (0.1.2)
    pry (0.11.3)
      coderay (~> 1.1.0)
      method_source (~> 0.9.0)
    pry-rails (0.3.6)
      pry (>= 0.10.4)
    public_suffix (3.0.2)
    puma (3.12.0)
    pundit (1.1.0)
      activesupport (>= 3.0.0)
    rack (2.0.5)
    rack-protection (2.0.3)
      rack
    rack-test (1.0.0)
      rack (>= 1.0, < 3)
    rails (5.1.6)
      actioncable (= 5.1.6)
      actionmailer (= 5.1.6)
      actionpack (= 5.1.6)
      actionview (= 5.1.6)
      activejob (= 5.1.6)
      activemodel (= 5.1.6)
      activerecord (= 5.1.6)
      activesupport (= 5.1.6)
      bundler (>= 1.3.0)
      railties (= 5.1.6)
      sprockets-rails (>= 2.0.0)
    rails-dom-testing (2.0.3)
      activesupport (>= 4.2.0)
      nokogiri (>= 1.6)
    rails-erd (1.5.2)
      activerecord (>= 3.2)
      activesupport (>= 3.2)
      choice (~> 0.2.0)
      ruby-graphviz (~> 1.2)
    rails-html-sanitizer (1.0.4)
      loofah (~> 2.2, >= 2.2.2)
    railties (5.1.6)
      actionpack (= 5.1.6)
      activesupport (= 5.1.6)
      method_source
      rake (>= 0.8.7)
      thor (>= 0.18.1, < 2.0)
    rainbow (3.0.0)
    rake (12.3.1)
    rb-fsevent (0.10.3)
    rb-inotify (0.9.10)
      ffi (>= 0.5.0, < 2)
    redis (4.0.1)
    request_store (1.4.1)
      rack (>= 1.4)
    responders (2.4.0)
      actionpack (>= 4.2.0, < 5.3)
      railties (>= 4.2.0, < 5.3)
    rollbar (2.16.3)
      multi_json
    rspec-core (3.7.1)
      rspec-support (~> 3.7.0)
    rspec-expectations (3.7.0)
      diff-lcs (>= 1.2.0, < 2.0)
      rspec-support (~> 3.7.0)
    rspec-mocks (3.7.0)
      diff-lcs (>= 1.2.0, < 2.0)
      rspec-support (~> 3.7.0)
    rspec-rails (3.7.2)
      actionpack (>= 3.0)
      activesupport (>= 3.0)
      railties (>= 3.0)
      rspec-core (~> 3.7.0)
      rspec-expectations (~> 3.7.0)
      rspec-mocks (~> 3.7.0)
      rspec-support (~> 3.7.0)
    rspec-support (3.7.1)
    rubocop (0.58.1)
      jaro_winkler (~> 1.5.1)
      parallel (~> 1.10)
      parser (>= 2.5, != 2.5.1.1)
      powerpack (~> 0.1)
      rainbow (>= 2.2.2, < 4.0)
      ruby-progressbar (~> 1.7)
      unicode-display_width (~> 1.0, >= 1.0.1)
    rubocop-rspec (1.27.0)
      rubocop (>= 0.56.0)
    ruby-graphviz (1.2.3)
    ruby-progressbar (1.9.0)
    ruby_dep (1.5.0)
    rubyzip (1.2.1)
    safe_yaml (1.0.4)
    sass (3.5.6)
      sass-listen (~> 4.0.0)
    sass-listen (4.0.0)
      rb-fsevent (~> 0.9, >= 0.9.4)
      rb-inotify (~> 0.9, >= 0.9.7)
    sass-rails (5.0.7)
      railties (>= 4.0.0, < 6)
      sass (~> 3.1)
      sprockets (>= 2.8, < 4.0)
      sprockets-rails (>= 2.0, < 4.0)
      tilt (>= 1.1, < 3)
    seedbank (0.4.0)
    selenium-webdriver (3.13.0)
      childprocess (~> 0.5)
      rubyzip (~> 1.2)
    shoulda-matchers (3.1.2)
      activesupport (>= 4.0.0)
    sidekiq (5.1.3)
      concurrent-ruby (~> 1.0)
      connection_pool (~> 2.2, >= 2.2.0)
      rack-protection (>= 1.5.0)
      redis (>= 3.3.5, < 5)
    simple_form (4.0.1)
      actionpack (>= 5.0)
      activemodel (>= 5.0)
    simplecov (0.13.0)
      docile (~> 1.1.0)
      json (>= 1.8, < 3)
      simplecov-html (~> 0.10.0)
    simplecov-html (0.10.2)
    slim (3.0.9)
      temple (>= 0.7.6, < 0.9)
      tilt (>= 1.3.3, < 2.1)
    slim-rails (3.1.3)
      actionpack (>= 3.1)
      railties (>= 3.1)
      slim (~> 3.0)
    slim_lint (0.15.1)
      rake (>= 10, < 13)
      rubocop (>= 0.50.0)
      slim (~> 3.0)
      sysexits (~> 1.1)
    spring (2.0.2)
      activesupport (>= 4.2)
    spring-commands-rspec (1.0.4)
      spring (>= 0.9.1)
    spring-watcher-listen (2.0.1)
      listen (>= 2.7, < 4.0)
      spring (>= 1.2, < 3.0)
    sprockets (3.7.2)
      concurrent-ruby (~> 1.0)
      rack (> 1, < 3)
    sprockets-rails (3.2.1)
      actionpack (>= 4.0)
      activesupport (>= 4.0)
      sprockets (>= 3.0.0)
    sysexits (1.2.0)
    temple (0.8.0)
    thor (0.19.4)
    thread_safe (0.3.6)
    tilt (2.0.8)
    tzinfo (1.2.5)
      thread_safe (~> 0.1)
    uglifier (4.1.15)
      execjs (>= 0.3.0, < 3)
    unicode-display_width (1.4.0)
    uniform_notifier (1.11.0)
    warden (1.2.7)
      rack (>= 1.0)
    web-console (3.6.2)
      actionview (>= 5.0)
      activemodel (>= 5.0)
      bindex (>= 0.4.0)
      railties (>= 5.0)
    webmock (3.4.2)
      addressable (>= 2.3.6)
      crack (>= 0.3.2)
      hashdiff
    websocket-driver (0.6.5)
      websocket-extensions (>= 0.1.0)
    websocket-extensions (0.1.3)
    whenever (0.10.0)
      chronic (>= 0.6.3)
    xpath (3.1.0)
      nokogiri (~> 1.8)

PLATFORMS
  ruby

DEPENDENCIES
  active_link_to
  bootstrap (~> 4.1.1)
  brakeman
  bullet
  bundler-audit
  byebug
  capybara
  codeclimate-test-reporter (~> 1.0.0)
  coffee-rails (~> 4.2)
  coffeelint
  database_cleaner
  decent_decoration
  decent_exposure
  devise
  dotenv-rails (~> 2.2.1)
  draper
  email_spec
  factory_bot_rails
  faker
  foreman
  formulaic
  interactor
  jquery-rails
  kaminari
  launchy
  letter_opener
  listen (>= 3.0.5, < 3.2)
  pg (>= 0.18, < 2.0)
  poltergeist
  pry-rails
  puma (~> 3.7)
  pundit
  rails (~> 5.1.6)
  rails-erd
  redis (~> 4.0)
  responders
  rollbar
  rspec-rails (~> 3.5)
  rubocop
  rubocop-rspec
  sass-rails (~> 5.0)
  seedbank
  selenium-webdriver
  shoulda-matchers
  sidekiq
  simple_form
  slim
  slim-rails
  slim_lint
  spring
  spring-commands-rspec
  spring-watcher-listen (~> 2.0.0)
  uglifier (>= 1.3.0)
  web-console (>= 3.3.0)
  webmock
  whenever

RUBY VERSION
   ruby 2.5.0p0

BUNDLED WITH
   1.16.2
